GEM
  remote: https://rubygems.org/
  specs:
    coderay (1.1.3)
    method_source (1.0.0)
    net-http (0.1.1)
      net-protocol
      uri
    net-protocol (0.1.0)
    nokogiri (1.11.2-x86_64-linux)
      racc (~> 1.4)
    open-uri (0.1.0)
    pastel (0.8.0)
      tty-color (~> 0.5)
    pry (0.14.0)
      coderay (~> 1.1)
      method_source (~> 1.0)
    racc (1.5.2)
    require_all (1.5.0)
    tty-color (0.6.0)
    tty-cursor (0.7.1)
    tty-prompt (0.23.0)
      pastel (~> 0.8)
      tty-reader (~> 0.8)
    tty-reader (0.9.0)
      tty-cursor (~> 0.7)
      tty-screen (~> 0.8)
      wisper (~> 2.0)
    tty-screen (0.8.1)
    uri (0.10.1)
    wisper (2.0.1)

PLATFORMS
  x86_64-linux

DEPENDENCIES
  net-http
  nokogiri
  open-uri
  pry
  require_all (~> 1.0)
  tty-prompt

BUNDLED WITH
   2.2.14
