GEM
  remote: https://rubygems.org/
  specs:
    coderay (1.1.3)
    method_source (1.0.0)
    net-http (0.1.1)
      net-protocol
      uri
    net-protocol (0.1.0)
    nokogiri (1.11.2-x86_64-linux)
      racc (~> 1.4)
    open-uri (0.1.0)
    pry (0.14.0)
      coderay (~> 1.1)
      method_source (~> 1.0)
    racc (1.5.2)
    uri (0.10.1)

PLATFORMS
  x86_64-linux

DEPENDENCIES
  net-http
  nokogiri
  open-uri
  pry

BUNDLED WITH
   2.2.14
